GEM
  remote: http://rubygems.org/
  specs:
    gepub (0.6.8.4)
      nokogiri (~> 1.5.0)
      rubyzip (~> 0.9.7)
    nokogiri (1.5.5)
    rake (0.9.2.2)
    rubyzip (0.9.9)

PLATFORMS
  ruby

DEPENDENCIES
  bundler (>= 1.0.0)
  gepub (>= 0.6.8.3)
  rake (>= 0.9.2.0)
